GEM
  remote: https://rubygems.org/
  specs:
    rack (1.5.5)
    rack-protection (1.5.5)
      rack
    sinatra (1.4.8)
      rack (~> 1.5)
      rack-protection (~> 1.4)
      tilt (>= 1.3, < 3)
    tilt (2.0.8)

PLATFORMS
  ruby

DEPENDENCIES
  rack (~> 1.5.2)
  sinatra

BUNDLED WITH
   1.16.2
